GEM
  remote: https://rubygems.org/
  specs:
    RedCloth (4.3.4)
    base64 (0.2.0)
    date (3.3.4)
    eventmachine (1.2.7)
    ffi (1.17.0)
    mustermann (3.0.2)
      ruby2_keywords (~> 0.0.1)
    nio4r (2.7.3)
    racc (1.8.1)
    rack (2.2.9)
    rack-protection (3.2.0)
      base64 (>= 0.1.0)
      rack (~> 2.2, >= 2.2.4)
    rbtree (0.4.6)
    rbtree3 (0.7.1)
    ruby2_keywords (0.0.5)
    sinatra (3.2.0)
      mustermann (~> 3.0)
      rack (~> 2.2, >= 2.2.4)
      rack-protection (= 3.2.0)
      tilt (~> 2.0)
    stackprof (0.2.17)
    strscan (3.1.0)
    tilt (2.4.0)
    unf_ext (0.0.8.2)

PLATFORMS
  ruby

DEPENDENCIES
  RedCloth (~> 4.3, >= 4.3.4)
  date (= 3.3.4)
  eventmachine (= 1.2.7)
  ffi (= 1.17.0)
  nio4r (= 2.7.3)
  racc (= 1.8.1)
  rbtree (= 0.4.6)
  rbtree3 (= 0.7.1)
  sinatra
  stackprof (= 0.2.17)
  strscan (= 3.1.0)
  unf_ext (= 0.0.8.2)

BUNDLED WITH
   2.1.4
