GIT
  remote: https://github.com/bragboy/geckodriver-helper.git
  revision: 929e5da958de9f82705e2dce71a7dbba873a461f
  ref: 929e5da958de9f82705e2dce71a7dbba873a461f
  specs:
    geckodriver-helper (0.27.0)
      archive-zip (~> 0.7)

GIT
  remote: https://github.com/hunterae/bootstrap-sass.git
  revision: 4e4c2c59c3ef4ec3eb4ed56f279bf70147ceccb3
  branch: 3.1.1
  specs:
    bootstrap-sass (3.1.1.0)
      sass (~> 3.2)

GIT
  remote: https://github.com/jorgeacaballero/parse-stack.git
  revision: 4839fcf95a24e535eff920ddd8a9c893a103e491
  specs:
    parse-stack (1.10.0)
      active_model_serializers (>= 0.9, < 1)
      activemodel (>= 5, < 7)
      activesupport (>= 5, < 7)
      faraday
      moneta (< 2)
      parallel (>= 1.6, < 2)
      rack (>= 2.0.6, < 3)

GIT
  remote: https://github.com/mobilecause/cardconnect.git
  revision: b58a70d6b86a2101ec579a1f5c8c33fde23cfac1
  branch: v2.5.0
  specs:
    cardconnect (2.3.0)
      faraday
      faraday-net_http_persistent

GIT
  remote: https://github.com/mobilecause/jquery-fileupload-rails.git
  revision: 1832915f64812fee21f0133ecad2b9a55444bbe2
  specs:
    jquery-fileupload-rails (1.1.0)
      actionpack (>= 3.1)
      railties (>= 3.1)
      sassc

GIT
  remote: https://github.com/mobilecause/smarter_csv.git
  revision: 204983e3c3388f3bde21dbbb76bc41bf03a8d62a
  specs:
    smarter_csv (1.1.6)

GEM
  remote: https://rubygems.org/
  specs:
    Ascii85 (1.1.0)
    RedCloth (4.3.4)
    actioncable (6.1.7.6)
      actionpack (= 6.1.7.6)
      activesupport (= 6.1.7.6)
      nio4r (~> 2.0)
      websocket-driver (>= 0.6.1)
    actionmailbox (6.1.7.6)
      actionpack (= 6.1.7.6)
      activejob (= 6.1.7.6)
      activerecord (= 6.1.7.6)
      activestorage (= 6.1.7.6)
      activesupport (= 6.1.7.6)
      mail (>= 2.7.1)
    actionmailer (6.1.7.6)
      actionpack (= 6.1.7.6)
      actionview (= 6.1.7.6)
      activejob (= 6.1.7.6)
      activesupport (= 6.1.7.6)
      mail (~> 2.5, >= 2.5.4)
      rails-dom-testing (~> 2.0)
    actionpack (6.1.7.6)
      actionview (= 6.1.7.6)
      activesupport (= 6.1.7.6)
      rack (~> 2.0, >= 2.0.9)
      rack-test (>= 0.6.3)
      rails-dom-testing (~> 2.0)
      rails-html-sanitizer (~> 1.0, >= 1.2.0)
    actiontext (6.1.7.6)
      actionpack (= 6.1.7.6)
      activerecord (= 6.1.7.6)
      activestorage (= 6.1.7.6)
      activesupport (= 6.1.7.6)
      nokogiri (>= 1.8.5)
    actionview (6.1.7.6)
      activesupport (= 6.1.7.6)
      builder (~> 3.1)
      erubi (~> 1.4)
      rails-dom-testing (~> 2.0)
      rails-html-sanitizer (~> 1.1, >= 1.2.0)
    active_hash (3.3.1)
      activesupport (>= 5.0.0)
    active_model_serializers (0.10.14)
      actionpack (>= 4.1)
      activemodel (>= 4.1)
      case_transform (>= 0.2)
      jsonapi-renderer (>= 0.1.1.beta1, < 0.3)
    activejob (6.1.7.6)
      activesupport (= 6.1.7.6)
      globalid (>= 0.3.6)
    activemodel (6.1.7.6)
      activesupport (= 6.1.7.6)
    activerecord (6.1.7.6)
      activemodel (= 6.1.7.6)
      activesupport (= 6.1.7.6)
    activerecord-import (1.6.0)
      activerecord (>= 4.2)
    activestorage (6.1.7.6)
      actionpack (= 6.1.7.6)
      activejob (= 6.1.7.6)
      activerecord (= 6.1.7.6)
      activesupport (= 6.1.7.6)
      marcel (~> 1.0)
      mini_mime (>= 1.1.0)
    activesupport (6.1.7.6)
      concurrent-ruby (~> 1.0, >= 1.0.2)
      i18n (>= 1.6, < 2)
      minitest (>= 5.1)
      tzinfo (~> 2.0)
      zeitwerk (~> 2.3)
    addressable (2.8.6)
      public_suffix (>= 2.0.2, < 6.0)
    aes_key_wrap (1.1.0)
    afm (0.2.2)
    airbrake (13.0.4)
      airbrake-ruby (~> 6.0)
    airbrake-ruby (6.2.2)
      rbtree3 (~> 0.6)
    amq-protocol (2.3.2)
    amqp (1.8.0)
      amq-protocol (>= 2.2.0)
      eventmachine
    apollo_upload_server (2.1.6)
      actionpack (>= 6.1.6)
      graphql (>= 1.8)
    archive-zip (0.12.0)
      io-like (~> 0.3.0)
    ast (2.4.2)
    attr_encrypted (3.1.0)
      encryptor (~> 3.0.0)
    attr_required (1.0.1)
    attribute_normalizer (1.2.0)
    auth0 (5.8.0)
      addressable (~> 2.8)
      jwt (~> 2.2)
      rest-client (~> 2.1)
      retryable (~> 3.0)
      zache (~> 0.12)
    authorizenet (2.0.0)
      activesupport (>= 4.2.6)
      nokogiri (~> 1.6, >= 1.6.4)
      roxml (>= 3.3.1)
    awesome_print (1.8.0)
    aws-eventstream (1.2.0)
    aws-partitions (1.626.0)
    aws-sdk-core (3.140.0)
      aws-eventstream (~> 1, >= 1.0.2)
      aws-partitions (~> 1, >= 1.525.0)
      aws-sigv4 (~> 1.1)
      jmespath (~> 1, >= 1.6.1)
    aws-sdk-kms (1.58.0)
      aws-sdk-core (~> 3, >= 3.127.0)
      aws-sigv4 (~> 1.1)
    aws-sdk-s3 (1.114.0)
      aws-sdk-core (~> 3, >= 3.127.0)
      aws-sdk-kms (~> 1)
      aws-sigv4 (~> 1.4)
    aws-sigv4 (1.5.1)
      aws-eventstream (~> 1, >= 1.0.2)
    babel-source (5.8.35)
    babel-transpiler (0.7.0)
      babel-source (>= 4.0, < 6)
      execjs (~> 2.0)
    base64 (0.2.0)
    base_app (1.0.6)
    bcrypt (3.1.18)
    bindata (2.4.10)
    bindex (0.8.1)
    blocks (4.0.1)
      rails (>= 3.0.0)
    braintree (2.99.0)
      builder (>= 2.0.0)
    brakeman (5.1.1)
    builder (3.3.0)
    bullet (6.1.5)
      activesupport (>= 3.0.0)
      uniform_notifier (~> 1.11)
    bunny (2.22.0)
      amq-protocol (~> 2.3, >= 2.3.1)
      sorted_set (~> 1, >= 1.0.2)
    byebug (11.1.3)
    call_with_params (0.0.2)
      activesupport (>= 3.0.0)
    cancancan (3.2.0)
    capybara (3.39.2)
      addressable
      matrix
      mini_mime (>= 0.1.3)
      nokogiri (~> 1.8)
      rack (>= 1.6.0)
      rack-test (>= 0.6.3)
      regexp_parser (>= 1.5, < 3.0)
      xpath (~> 3.2)
    capybara-screenshot (1.0.25)
      capybara (>= 1.0, < 4)
      launchy
    case_transform (0.2)
      activesupport
    cgi (0.3.6)
    chartkick (5.0.1)
    childprocess (3.0.0)
    choice (0.2.0)
    chunky_png (1.4.0)
    climate_control (1.2.0)
    colorize (1.1.0)
    comma (4.5.0)
      activesupport (>= 4.2.0, < 6.2)
    concurrent-ruby (1.3.4)
    connection_pool (2.3.0)
    conred (0.5.0)
    constantcontact (4.0.0)
      json (~> 2.1)
      rest-client (~> 2.0)
    countries (5.7.1)
      unaccent (~> 0.3)
    coveralls (0.8.23)
      json (>= 1.8, < 3)
      simplecov (~> 0.16.1)
      term-ansicolor (~> 1.3)
      thor (>= 0.19.4, < 2.0)
      tins (~> 1.6)
    crack (0.4.5)
      rexml
    crass (1.0.6)
    crawler_detect (1.2.0)
      qonfig (~> 0.24)
    credit_card_validator (1.3.2)
      base_app (>= 1.0.5)
    database_cleaner (2.0.2)
      database_cleaner-active_record (>= 2, < 3)
    database_cleaner-active_record (2.1.0)
      activerecord (>= 5.a)
      database_cleaner-core (~> 2.0.0)
    database_cleaner-core (2.0.1)
    date (3.3.4)
    date_validator (0.12.0)
      activemodel (>= 3)
      activesupport (>= 3)
    devise (4.8.1)
      bcrypt (~> 3.0)
      orm_adapter (~> 0.1)
      railties (>= 4.1.0)
      responders
      warden (~> 1.2.3)
    devise-token_authenticatable (1.1.0)
      devise (>= 4.0.0, < 5.0.0)
    devise-two-factor (4.0.2)
      activesupport (< 7.1)
      attr_encrypted (>= 1.3, < 4, != 2)
      devise (~> 4.0)
      railties (< 7.1)
      rotp (~> 6.0)
    diff-lcs (1.4.4)
    docile (1.4.0)
    domain_name (0.5.20190701)
      unf (>= 0.0.5, < 1.0.0)
    dotenv (2.7.5)
    dumpable (0.3.2)
      activerecord
      hashie
    email_spec (2.2.0)
      htmlentities (~> 4.3.3)
      launchy (~> 2.1)
      mail (~> 2.7)
    encryptor (3.0.0)
    envforcer (1.0.0)
      rspec
    erubi (1.13.0)
    eventmachine (1.2.7)
    execjs (2.8.1)
    factory_bot (6.2.0)
      activesupport (>= 5.0.0)
    factory_bot_rails (6.2.0)
      factory_bot (~> 6.2.0)
      railties (>= 5.0.0)
    faker (2.6.0)
      i18n (>= 1.6, < 1.8)
    faraday (2.10.0)
      faraday-net_http (>= 2.0, < 3.2)
      logger
    faraday-net_http (3.1.1)
      net-http
    faraday-net_http_persistent (2.1.0)
      faraday (~> 2.5)
      net-http-persistent (~> 4.0)
    fb_graph2 (1.3.0)
      activesupport (>= 3.2)
      httpclient (>= 2.4)
      multi_json
      rack-oauth2 (>= 1.1)
      url_safe_base64
    featherlight (1.3.5)
    ffi (1.17.0)
    ffi-compiler (1.0.1)
      ffi (>= 1.0.0)
      rake
    font-awesome-rails (4.7.0.6)
      railties (>= 3.2, < 6.2)
    foreman (0.88.1)
    geocoder (1.6.7)
    globalid (1.2.1)
      activesupport (>= 6.1)
    gon (6.4.0)
      actionpack (>= 3.0.20)
      i18n (>= 0.7)
      multi_json
      request_store (>= 1.0)
    google_visualr (2.5.1)
    graphiql-rails (1.8.0)
      railties
      sprockets-rails
    graphql (1.10.0)
    groupdate (6.2.0)
      activesupport (>= 5.2)
    haml (5.1.2)
      temple (>= 0.8.0)
      tilt
    hashdiff (1.0.1)
    hashery (2.1.2)
    hashie (5.0.0)
    htmlentities (4.3.4)
    http (5.1.0)
      addressable (~> 2.8)
      http-cookie (~> 1.0)
      http-form_data (~> 2.2)
      llhttp-ffi (~> 0.4.0)
    http-accept (1.7.0)
    http-cookie (1.0.5)
      domain_name (~> 0.5)
    http-form_data (2.3.0)
    httparty (0.20.0)
      mime-types (~> 3.0)
      multi_xml (>= 0.5.2)
    httpclient (2.8.3)
    i18n (1.7.1)
      concurrent-ruby (~> 1.0)
    icalendar (2.5.3)
      ice_cube (~> 0.16)
    ice_cube (0.16.3)
    io-like (0.3.1)
    jasmine-core (3.9.0)
    jasmine-rails (0.15.0)
      jasmine-core (>= 1.3, < 4.0)
      phantomjs (>= 1.9)
      railties (>= 3.2.0)
      sprockets-rails
    jbuilder (2.9.1)
      activesupport (>= 4.2.0)
    jmespath (1.6.1)
    jquery-rails (4.3.5)
      rails-dom-testing (>= 1, < 3)
      railties (>= 4.2.0)
      thor (>= 0.14, < 2.0)
    jquery-ui-rails (5.0.5)
      railties (>= 3.2.16)
    json (2.7.2)
    json-jwt (1.13.0)
      activesupport (>= 4.2)
      aes_key_wrap
      bindata
    json-schema (4.1.1)
      addressable (>= 2.8)
    jsonapi-renderer (0.2.2)
    jwt (2.2.1)
    knapsack_pro (3.1.2)
      rake
    kt-paperclip (7.2.2)
      activemodel (>= 4.2.0)
      activesupport (>= 4.2.0)
      marcel (~> 1.0.1)
      mime-types
      terrapin (>= 0.6.0, < 2.0)
    language_server-protocol (3.17.0.3)
    launchy (2.5.2)
      addressable (~> 2.8)
    letter_opener (1.8.1)
      launchy (>= 2.2, < 3)
    listen (3.9.0)
      rb-fsevent (~> 0.10, >= 0.10.3)
      rb-inotify (~> 0.9, >= 0.9.10)
    llhttp-ffi (0.4.0)
      ffi-compiler (~> 1.0)
      rake (~> 13.0)
    logger (1.6.0)
    loofah (2.22.0)
      crass (~> 1.0.2)
      nokogiri (>= 1.12.0)
    macaddr (1.7.2)
      systemu (~> 2.6.5)
    mail (2.8.1)
      mini_mime (>= 0.1.1)
      net-imap
      net-pop
      net-smtp
    marcel (1.0.4)
    matrix (0.4.2)
    maxmind-db (1.1.1)
    maxmind-geoip2 (1.1.0)
      connection_pool (~> 2.2)
      http (>= 4.3, < 6.0)
      maxmind-db (~> 1.1)
    mechanize (2.8.5)
      addressable (~> 2.8)
      domain_name (~> 0.5, >= 0.5.20190701)
      http-cookie (~> 1.0, >= 1.0.3)
      mime-types (~> 3.0)
      net-http-digest_auth (~> 1.4, >= 1.4.1)
      net-http-persistent (>= 2.5.2, < 5.0.dev)
      nokogiri (~> 1.11, >= 1.11.2)
      rubyntlm (~> 0.6, >= 0.6.3)
      webrick (~> 1.7)
      webrobots (~> 0.1.2)
    method_source (1.0.0)
    mime-types (3.5.2)
      mime-types-data (~> 3.2015)
    mime-types-data (3.2024.0820)
    mini_mime (1.1.5)
    mini_portile2 (2.8.7)
    minitest (5.25.1)
    momentjs-rails (2.29.4.1)
      railties (>= 3.1)
    moneta (1.6.0)
    money (6.13.4)
      i18n (>= 0.6.4, <= 2)
    multi_json (1.15.0)
    multi_xml (0.6.0)
    multipart-post (2.1.1)
    net-http (0.4.1)
      uri
    net-http-digest_auth (1.4.1)
    net-http-persistent (4.0.1)
      connection_pool (~> 2.2)
    net-imap (0.4.10)
      date
      net-protocol
    net-pop (0.1.2)
      net-protocol
    net-protocol (0.2.2)
      timeout
    net-sftp (2.1.2)
      net-ssh (>= 2.6.5)
    net-smtp (0.4.0.1)
      net-protocol
    net-ssh (5.2.0)
    netrc (0.11.0)
    newrelic_rpm (9.7.1)
    next_rails (1.3.0)
      colorize (>= 0.8.1)
    nio4r (2.7.3)
    nokogiri (1.16.7)
      mini_portile2 (~> 2.8.2)
      racc (~> 1.4)
    oauth (0.5.6)
    oauth2 (2.0.9)
      faraday (>= 0.17.3, < 3.0)
      jwt (>= 1.0, < 3.0)
      multi_xml (~> 0.5)
      rack (>= 1.2, < 4)
      snaky_hash (~> 2.0)
      version_gem (~> 1.1)
    omniauth (2.0.4)
      hashie (>= 3.4.6)
      rack (>= 1.6.2, < 3)
      rack-protection
    omniauth-auth0 (3.0.0)
      omniauth (~> 2.0)
      omniauth-oauth2 (~> 1.7)
    omniauth-facebook (7.0.0)
      omniauth-oauth2 (~> 1.2)
    omniauth-google-oauth2 (1.1.2)
      jwt (>= 2.0)
      oauth2 (~> 2.0)
      omniauth (~> 2.0)
      omniauth-oauth2 (~> 1.8)
    omniauth-oauth (1.2.0)
      oauth
      omniauth (>= 1.0, < 3)
    omniauth-oauth2 (1.8.0)
      oauth2 (>= 1.4, < 3)
      omniauth (~> 2.0)
    omniauth-rails_csrf_protection (1.0.1)
      actionpack (>= 4.2)
      omniauth (~> 2.0)
    omniauth-twitter (1.4.0)
      omniauth-oauth (~> 1.1)
      rack
    orm_adapter (0.5.0)
    parallel (1.25.1)
    parallel_tests (3.7.3)
      parallel
    parser (3.3.2.0)
      ast (~> 2.4.1)
      racc
    pdf-core (0.9.0)
    pdf-inspector (1.3.0)
      pdf-reader (>= 1.0, < 3.0.a)
    pdf-reader (2.5.0)
      Ascii85 (~> 1.0)
      afm (~> 0.2.1)
      hashery (~> 2.0)
      ruby-rc4
      ttfunk
    phantomjs (2.1.1.0)
    prawn (2.4.0)
      pdf-core (~> 0.9.0)
      ttfunk (~> 1.7)
    prawn-table (0.2.2)
      prawn (>= 1.3.0, < 3.0.0)
    protected_attributes_continued (1.8.2)
      activemodel (>= 5.0)
    public_suffix (5.0.4)
    puma (6.4.2)
      nio4r (~> 2.0)
    qonfig (0.28.0)
    rabl (0.14.5)
      activesupport (>= 2.3.14)
    racc (1.8.1)
    rack (2.2.9)
    rack-cors (1.1.1)
      rack (>= 2.0.0)
    rack-oauth2 (1.19.0)
      activesupport
      attr_required
      httpclient
      json-jwt (>= 1.11.0)
      rack (>= 2.1.0)
    rack-protection (3.2.0)
      base64 (>= 0.1.0)
      rack (~> 2.2, >= 2.2.4)
    rack-test (2.1.0)
      rack (>= 1.3)
    rack_session_access (0.2.0)
      builder (>= 2.0.0)
      rack (>= 1.0.0)
    rails (6.1.7.6)
      actioncable (= 6.1.7.6)
      actionmailbox (= 6.1.7.6)
      actionmailer (= 6.1.7.6)
      actionpack (= 6.1.7.6)
      actiontext (= 6.1.7.6)
      actionview (= 6.1.7.6)
      activejob (= 6.1.7.6)
      activemodel (= 6.1.7.6)
      activerecord (= 6.1.7.6)
      activestorage (= 6.1.7.6)
      activesupport (= 6.1.7.6)
      bundler (>= 1.15.0)
      railties (= 6.1.7.6)
      sprockets-rails (>= 2.0.0)
    rails-controller-testing (1.0.5)
      actionpack (>= 5.0.1.rc1)
      actionview (>= 5.0.1.rc1)
      activesupport (>= 5.0.1.rc1)
    rails-dom-testing (2.2.0)
      activesupport (>= 5.0.0)
      minitest
      nokogiri (>= 1.6)
    rails-erd (1.6.1)
      activerecord (>= 4.2)
      activesupport (>= 4.2)
      choice (~> 0.2.0)
      ruby-graphviz (~> 1.2)
    rails-healthcheck (1.4.0)
      actionpack
      railties
    rails-html-sanitizer (1.6.0)
      loofah (~> 2.21)
      nokogiri (~> 1.14)
    railties (6.1.7.6)
      actionpack (= 6.1.7.6)
      activesupport (= 6.1.7.6)
      method_source
      rake (>= 12.2)
      thor (~> 1.0)
    rainbow (3.1.1)
    rake (13.0.0)
    raphael-rails (2.1.2)
    rb-fsevent (0.11.2)
    rb-inotify (0.11.1)
      ffi (~> 1.0)
    rb-readline (0.5.5)
    rbtree (0.4.6)
    rbtree3 (0.7.1)
    regexp_parser (2.8.2)
    repost (0.3.8)
    request_store (1.4.1)
      rack (>= 1.4)
    responders (3.0.1)
      actionpack (>= 5.0)
      railties (>= 5.0)
    rest-client (2.1.0)
      http-accept (>= 1.7.0, < 2.0)
      http-cookie (>= 1.0.2, < 2.0)
      mime-types (>= 1.16, < 4.0)
      netrc (~> 0.8)
    retryable (3.0.5)
    rexml (3.2.9)
      strscan
    rotp (6.3.0)
    roxml (4.2.0)
      activesupport (>= 4.0)
      nokogiri (>= 1.3.3)
    rqrcode (2.2.0)
      chunky_png (~> 1.0)
      rqrcode_core (~> 1.0)
    rqrcode_core (1.2.0)
    rspec (3.10.0)
      rspec-core (~> 3.10.0)
      rspec-expectations (~> 3.10.0)
      rspec-mocks (~> 3.10.0)
    rspec-activemodel-mocks (1.1.0)
      activemodel (>= 3.0)
      activesupport (>= 3.0)
      rspec-mocks (>= 2.99, < 4.0)
    rspec-core (3.10.2)
      rspec-support (~> 3.10.0)
    rspec-expectations (3.10.1)
      diff-lcs (>= 1.2.0, < 2.0)
      rspec-support (~> 3.10.0)
    rspec-its (1.3.0)
      rspec-core (>= 3.0.0)
      rspec-expectations (>= 3.0.0)
    rspec-mocks (3.10.2)
      diff-lcs (>= 1.2.0, < 2.0)
      rspec-support (~> 3.10.0)
    rspec-rails (5.0.2)
      actionpack (>= 5.2)
      activesupport (>= 5.2)
      railties (>= 5.2)
      rspec-core (~> 3.10)
      rspec-expectations (~> 3.10)
      rspec-mocks (~> 3.10)
      rspec-support (~> 3.10)
    rspec-support (3.10.3)
    rswag (2.13.0)
      rswag-api (= 2.13.0)
      rswag-specs (= 2.13.0)
      rswag-ui (= 2.13.0)
    rswag-api (2.13.0)
      activesupport (>= 3.1, < 7.2)
      railties (>= 3.1, < 7.2)
    rswag-specs (2.13.0)
      activesupport (>= 3.1, < 7.2)
      json-schema (>= 2.2, < 5.0)
      railties (>= 3.1, < 7.2)
      rspec-core (>= 2.14)
    rswag-ui (2.13.0)
      actionpack (>= 3.1, < 7.2)
      railties (>= 3.1, < 7.2)
    rubocop (1.64.1)
      json (~> 2.3)
      language_server-protocol (>= 3.17.0)
      parallel (~> 1.10)
      parser (>= 3.3.0.2)
      rainbow (>= 2.2.2, < 4.0)
      regexp_parser (>= 1.8, < 3.0)
      rexml (>= 3.2.5, < 4.0)
      rubocop-ast (>= 1.31.1, < 2.0)
      ruby-progressbar (~> 1.7)
      unicode-display_width (>= 2.4.0, < 3.0)
    rubocop-ast (1.31.3)
      parser (>= 3.3.1.0)
    ruby-graphviz (1.2.5)
      rexml
    ruby-hmac (0.4.0)
    ruby-progressbar (1.13.0)
    ruby-rc4 (0.1.5)
    rubyntlm (0.6.3)
    rubyzip (2.3.2)
    sass (3.7.4)
      sass-listen (~> 4.0.0)
    sass-listen (4.0.0)
      rb-fsevent (~> 0.9, >= 0.9.4)
      rb-inotify (~> 0.9, >= 0.9.7)
    sass-rails (6.0.0)
      sassc-rails (~> 2.1, >= 2.1.1)
    sassc (2.4.0)
      ffi (~> 1.9)
    sassc-rails (2.1.2)
      railties (>= 4.0.0)
      sassc (>= 2.0)
      sprockets (> 3.0)
      sprockets-rails
      tilt
    selenium-webdriver (3.142.7)
      childprocess (>= 0.5, < 4.0)
      rubyzip (>= 1.2.2)
    session-hack-rails2-rails3 (0.1.0)
    set (1.1.0)
    shoulda-matchers (5.0.0)
      activesupport (>= 5.2.0)
    simplecov (0.16.1)
      docile (~> 1.1)
      json (>= 1.8, < 3)
      simplecov-html (~> 0.10.0)
    simplecov-html (0.10.2)
    smartystreets_ruby_sdk (5.7.0)
    snaky_hash (2.0.1)
      hashie
      version_gem (~> 1.1, >= 1.1.1)
    sorted_set (1.0.3)
      rbtree
      set (~> 1.0)
    sprockets (4.2.1)
      concurrent-ruby (~> 1.0)
      rack (>= 2.2.4, < 4)
    sprockets-rails (3.4.2)
      actionpack (>= 5.2)
      activesupport (>= 5.2)
      sprockets (>= 3.0.0)
    stackprof (0.2.17)
    strscan (3.1.0)
    sync (0.5.0)
    systemu (2.6.5)
    temple (0.8.2)
    term-ansicolor (1.7.1)
      tins (~> 1.0)
    terrapin (1.0.1)
      climate_control
    thor (1.3.1)
    tilt (2.0.10)
    timeout (0.4.1)
    tins (1.29.1)
      sync
    tinymce-rails (4.9.6)
      railties (>= 3.1.1)
    traceroute (0.8.1)
      rails (>= 3.0.0)
    transaction_isolation (1.0.5)
      activerecord (>= 3.0.11)
    transaction_retry (1.0.3)
      activerecord (>= 3.0.11)
      transaction_isolation (>= 1.0.2)
    ttfunk (1.7.0)
    tzinfo (2.0.6)
      concurrent-ruby (~> 1.0)
    uglifier (4.2.0)
      execjs (>= 0.3.0, < 3)
    unaccent (0.4.0)
    unf (0.1.4)
      unf_ext
    unf_ext (0.0.8.2)
    unicode-display_width (2.5.0)
    uniform_notifier (1.14.2)
    uri (0.13.0)
    url_safe_base64 (0.2.2)
    uuid (2.3.9)
      macaddr (~> 1.0)
    vcr (6.0.0)
    version_gem (1.1.4)
    wannabe_bool (0.7.1)
    warden (1.2.9)
      rack (>= 2.0.9)
    web-console (4.1.0)
      actionview (>= 6.0.0)
      activemodel (>= 6.0.0)
      bindex (>= 0.4.0)
      railties (>= 6.0.0)
    webmock (3.14.0)
      addressable (>= 2.8.0)
      crack (>= 0.3.2)
      hashdiff (>= 0.4.0, < 2.0.0)
    webrick (1.8.1)
    webrobots (0.1.2)
    websocket-driver (0.7.6)
      websocket-extensions (>= 0.1.0)
    websocket-extensions (0.1.5)
    will_paginate (3.3.1)
    will_paginate-bootstrap (1.0.2)
      will_paginate (>= 3.0.3)
    xpath (3.2.0)
      nokogiri (~> 1.8)
    yt (0.33.4)
      activesupport
    zache (0.12.0)
    zeitwerk (2.6.17)

PLATFORMS
  ruby

DEPENDENCIES
  RedCloth (= 4.3.4)
  active_hash (= 3.3.1)
  activerecord-import
  addressable (>= 2.8.0)
  airbrake
  amq-protocol (= 2.3.2)
  amqp (= 1.8.0)
  apollo_upload_server
  attribute_normalizer (= 1.2.0)
  auth0 (= 5.8)
  authorizenet (= 2.0)
  awesome_print (= 1.8.0)
  aws-sdk-s3 (= 1.114.0)
  babel-transpiler
  blocks
  bootstrap-sass!
  braintree (= 2.99.0)
  brakeman
  bullet
  bunny
  byebug
  call_with_params
  cancancan (= 3.2.0)
  capybara (= 3.39.2)
  capybara-screenshot
  cardconnect (= 2.3.0)!
  cgi (~> 0.3.6)
  chartkick
  comma (= 4.5.0)
  conred (= 0.5.0)
  constantcontact (= 4.0.0)
  countries (= 5.7.1)
  coveralls (= 0.8.23)
  crawler_detect (= 1.2.0)
  credit_card_validator (= 1.3.2)
  database_cleaner
  date_validator
  devise (= 4.8.1)
  devise-token_authenticatable (= 1.1.0)
  devise-two-factor (= 4.0.2)
  dotenv (= 2.7.5)
  dumpable
  email_spec
  envforcer
  eventmachine (= 1.2.7)
  factory_bot_rails
  faker (= 2.6.0)
  fb_graph2
  featherlight (= 1.3.5)
  font-awesome-rails (= 4.7.0.6)
  foreman (~> 0.88.1)
  geckodriver-helper!
  geocoder (= 1.6.7)
  gon (>= 6.4.0)
  google_visualr (= 2.5.1)
  graphiql-rails
  graphql (= 1.10.0)
  groupdate
  haml (= 5.1.2)
  httparty
  icalendar (= 2.5.3)
  jasmine-core
  jasmine-rails
  jbuilder (= 2.9.1)
  jquery-fileupload-rails!
  jquery-rails (= 4.3.5)
  jquery-ui-rails (~> 5.0, >= 5.0.5)
  jwt (= 2.2.1)
  knapsack_pro
  kt-paperclip (= 7.2.2)
  letter_opener
  listen
  maxmind-geoip2
  mechanize (>= 2.8.5)
  momentjs-rails (= 2.29.4.1)
  money (= 6.13.4)
  multipart-post (= 2.1.1)
  net-sftp (= 2.1.2)
  net-ssh (= 5.2.0)
  newrelic_rpm (= 9.7.1)
  next_rails
  nio4r
  nokogiri (>= 1.11.4)
  oauth (= 0.5.6)
  omniauth (= 2.0.4)
  omniauth-auth0 (~> 3.0)
  omniauth-facebook (= 7.0.0)
  omniauth-google-oauth2 (= 1.1.2)
  omniauth-rails_csrf_protection (~> 1.0)
  omniauth-twitter (= 1.4.0)
  parallel_tests
  parse-stack!
  pdf-inspector
  prawn (= 2.4.0)
  prawn-table (= 0.2.2)
  protected_attributes_continued (= 1.8.2)
  puma (= 6.4.2)
  rabl (= 0.14.5)
  rack-cors
  rack_session_access
  rails (= 6.1.7.6)
  rails-controller-testing (= 1.0.5)
  rails-erd
  rails-healthcheck
  rails-html-sanitizer
  rake (= 13.0.0)
  raphael-rails (= 2.1.2)
  rb-readline
  repost
  request_store (= 1.4.1)
  responders (= 3.0.1)
  rexml
  rqrcode
  rspec-activemodel-mocks
  rspec-its
  rspec-rails
  rswag
  rubocop
  ruby-hmac (= 0.4.0)
  rubyzip (= 2.3.2)
  sass (= 3.7.4)
  sass-rails (= 6.0.0)
  selenium-webdriver
  session-hack-rails2-rails3 (= 0.1.0)
  shoulda-matchers
  smarter_csv!
  smartystreets_ruby_sdk (= 5.7.0)
  stackprof
  tinymce-rails (= 4.9.6)
  traceroute
  transaction_retry
  uglifier (= 4.2.0)
  uuid (= 2.3.9)
  vcr
  wannabe_bool (= 0.7.1)
  web-console (= 4.1.0)
  webmock
  will_paginate (= 3.3.1)
  will_paginate-bootstrap (= 1.0.2)
  yt (= 0.33.4)

BUNDLED WITH
   2.2.33
