GEM
  remote: https://rubygems.org/
  specs:
    RedCloth (4.3.4)
    base64 (0.2.0)
    mustermann (3.0.2)
      ruby2_keywords (~> 0.0.1)
    racc (1.8.1)
    rack (3.1.7)
    rack-protection (4.0.0)
      base64 (>= 0.1.0)
      rack (>= 3.0.0, < 4)
    rack-session (2.0.0)
      rack (>= 3.0.0)
    ruby2_keywords (0.0.5)
    sinatra (4.0.0)
      mustermann (~> 3.0)
      rack (>= 3.0.0, < 4)
      rack-protection (= 4.0.0)
      rack-session (>= 2.0.0, < 3)
      tilt (~> 2.0)
    tilt (2.4.0)

PLATFORMS
  arm64-darwin-23
  ruby
  x86_64-linux

DEPENDENCIES
  RedCloth (~> 4.3, >= 4.3.4)
  racc (= 1.8.1)
  sinatra

BUNDLED WITH
   2.5.10
